GEM
  remote: https://rubygems.org/
  specs:
    amazing_print (1.5.0)
    coderay (1.1.3)
    csv (3.2.7)
    date (3.3.4)
    ethon (0.16.0)
      ffi (>= 1.15.0)
    facets (3.1.0)
    ffi (1.16.3)
    json (2.6.3)
    logger (1.6.0)
    method_source (1.0.0)
    mini_portile2 (2.8.9)
    nokogiri (1.15.4)
      mini_portile2 (~> 2.8.2)
      racc (~> 1.4)
    pry (0.14.2)
      coderay (~> 1.1)
      method_source (~> 1.0)
    racc (1.7.3)
    time (0.3.0)
      date
    typhoeus (1.4.0)
      ethon (>= 0.9.0)

PLATFORMS
  arm64-darwin-22
  arm64-darwin-23
  x86_64-linux

DEPENDENCIES
  amazing_print
  csv
  date
  facets
  ffi
  json
  logger
  nokogiri
  pry
  time
  typhoeus

BUNDLED WITH
   2.4.10
